GEM
  remote: https://rubygems.org/
  specs:
    backports (3.6.8)
    byebug (9.1.0)
    coderay (1.1.2)
    debugger-ruby_core_source (1.3.8)
    flamegraph (0.9.5)
    foreman (0.78.0)
      thor (~> 0.19.1)
    kgio (2.10.0)
    memcache-client (1.8.5)
    method_source (0.9.0)
    multi_json (1.11.2)
    mysql2 (0.4.3)
    pry (0.11.1)
      coderay (~> 1.1.0)
      method_source (~> 0.9.0)
    pry-byebug (3.5.0)
      byebug (~> 9.1)
      pry (~> 0.10)
    pry-doc (0.11.1)
      pry (~> 0.9)
      yard (~> 0.9)
    rack (1.6.4)
    rack-flash3 (1.0.5)
      rack
    rack-lineprof (0.0.3)
      rack (~> 1.5)
      rblineprof (~> 0.3.6)
      term-ansicolor (~> 1.3)
    rack-mini-profiler (0.10.5)
      rack (>= 1.2.0)
    rack-protection (1.5.3)
      rack
    rack-test (0.6.3)
      rack (>= 1.0)
    raindrops (0.16.0)
    rblineprof (0.3.7)
      debugger-ruby_core_source (~> 1.3)
    sinatra (1.4.7)
      rack (~> 1.5)
      rack-protection (~> 1.4)
      tilt (>= 1.3, < 3)
    sinatra-contrib (1.4.6)
      backports (>= 2.0)
      multi_json
      rack-protection
      rack-test
      sinatra (~> 1.4.0)
      tilt (>= 1.3, < 3)
    stackprof (0.2.10)
    term-ansicolor (1.6.0)
      tins (~> 1.0)
    thor (0.19.1)
    tilt (2.0.2)
    tins (1.15.0)
    unicorn (5.0.1)
      kgio (~> 2.6)
      rack
      raindrops (~> 0.7)
    yard (0.9.9)

PLATFORMS
  ruby

DEPENDENCIES
  flamegraph
  foreman
  memcache-client
  mysql2
  pry-byebug
  pry-doc
  rack-flash3
  rack-lineprof
  rack-mini-profiler
  sinatra
  sinatra-contrib
  stackprof
  unicorn

BUNDLED WITH
   1.15.4
